GEM
  remote: http://rubygems.org/
  specs:
    concurrent-ruby (1.0.5)
    countries (2.1.4)
      i18n_data (~> 0.8.0)
      money (~> 6.9)
      sixarm_ruby_unaccent (~> 1.1)
      unicode_utils (~> 1.4)
    i18n (1.0.1)
      concurrent-ruby (~> 1.0)
    i18n_data (0.8.0)
    money (6.12.0)
      i18n (>= 0.6.4, < 1.1)
    sixarm_ruby_unaccent (1.2.0)
    unicode_utils (1.4.0)

PLATFORMS
  ruby

DEPENDENCIES
  countries

BUNDLED WITH
   1.16.5
