GEM
  remote: http://rubygems.org/
  specs:
    coderay (1.1.2)
    concurrent-ruby (1.0.5)
    countries (2.1.4)
      i18n_data (~> 0.8.0)
      money (~> 6.9)
      sixarm_ruby_unaccent (~> 1.1)
      unicode_utils (~> 1.4)
    i18n (1.0.1)
      concurrent-ruby (~> 1.0)
    i18n_data (0.8.0)
    method_source (0.9.0)
    money (6.12.0)
      i18n (>= 0.6.4, < 1.1)
    pdf-core (0.7.0)
    prawn (2.2.2)
      pdf-core (~> 0.7.0)
      ttfunk (~> 1.5)
    pry (0.11.3)
      coderay (~> 1.1.0)
      method_source (~> 0.9.0)
    sixarm_ruby_unaccent (1.2.0)
    ttfunk (1.5.1)
    unicode_utils (1.4.0)

PLATFORMS
  ruby

DEPENDENCIES
  countries
  prawn
  pry

BUNDLED WITH
   1.16.5
